GEM
  remote: https://rubygems.org/
  specs:
    activesupport (6.0.0)
      concurrent-ruby (~> 1.0, >= 1.0.2)
      i18n (>= 0.7, < 2)
      minitest (~> 5.1)
      tzinfo (~> 1.1)
      zeitwerk (~> 2.1, >= 2.1.8)
    commonmarker (0.17.9)
      ruby-enum (~> 0.5)
    concurrent-ruby (1.1.5)
    crass (1.0.4)
    ffi (1.11.1)
    gemoji (3.0.0)
    github-markdown (0.6.9)
    github-markdown-preview (5.0.0)
      commonmarker (= 0.17.9)
      gemoji (= 3.0.0)
      github-markdown (= 0.6.9)
      html-pipeline (= 2.7.1)
      listen (= 3.1.5)
      sanitize (= 4.6.4)
    html-pipeline (2.7.1)
      activesupport (>= 2)
      nokogiri (>= 1.4)
    i18n (1.6.0)
      concurrent-ruby (~> 1.0)
    listen (3.1.5)
      rb-fsevent (~> 0.9, >= 0.9.4)
      rb-inotify (~> 0.9, >= 0.9.7)
      ruby_dep (~> 1.2)
    mini_portile2 (2.8.0)
    minitest (5.12.2)
    nokogiri (1.13.3)
      mini_portile2 (~> 2.8.0)
      racc (~> 1.4)
    nokogumbo (1.5.0)
      nokogiri
    racc (1.6.0)
    rb-fsevent (0.10.3)
    rb-inotify (0.10.0)
      ffi (~> 1.0)
    ruby-enum (0.7.2)
      i18n
    ruby_dep (1.5.0)
    sanitize (4.6.4)
      crass (~> 1.0.2)
      nokogiri (>= 1.4.4)
      nokogumbo (~> 1.4)
    thread_safe (0.3.6)
    tzinfo (1.2.5)
      thread_safe (~> 0.1)
    zeitwerk (2.1.10)

PLATFORMS
  ruby

DEPENDENCIES
  github-markdown-preview (>= 5.0.0)

BUNDLED WITH
   1.17.3
