GEM
  remote: https://rubygems.org/
  specs:
    activesupport (4.2.6)
      i18n (~> 0.7)
      json (~> 1.7, >= 1.7.7)
      minitest (~> 5.1)
      thread_safe (~> 0.3, >= 0.3.4)
      tzinfo (~> 1.1)
    crass (1.0.2)
    ffi (1.9.10)
    gemoji (2.1.0)
    github-markdown (0.6.8)
    github-markdown-preview (4.0.1)
      gemoji (= 2.1.0)
      github-markdown (= 0.6.8)
      html-pipeline (= 2.0)
      listen (= 3.0.3)
      sanitize (= 4.0.0)
    html-pipeline (2.0)
      activesupport (>= 2, < 5)
      nokogiri (>= 1.4, <= 1.6.5)
    i18n (0.7.0)
    json (1.8.1)
    listen (3.0.3)
      rb-fsevent (>= 0.9.3)
      rb-inotify (>= 0.9)
    mini_portile (0.6.2)
    minitest (5.4.3)
    nokogiri (1.6.5)
      mini_portile (~> 0.6.0)
    nokogumbo (1.4.1)
      nokogiri
    rb-fsevent (0.9.7)
    rb-inotify (0.9.7)
      ffi (>= 0.5.0)
    sanitize (4.0.0)
      crass (~> 1.0.2)
      nokogiri (>= 1.4.4)
      nokogumbo (= 1.4.1)
    thread_safe (0.3.5)
    tzinfo (1.2.2)
      thread_safe (~> 0.1)

PLATFORMS
  ruby

DEPENDENCIES
  github-markdown-preview

BUNDLED WITH
   1.12.5
