GEM
  remote: https://rubygems.org/
  specs:
    activesupport (6.1.3.2)
      concurrent-ruby (~> 1.0, >= 1.0.2)
      i18n (>= 1.6, < 2)
      minitest (>= 5.1)
      tzinfo (~> 2.0)
      zeitwerk (~> 2.3)
    commonmarker (0.17.9)
      ruby-enum (~> 0.5)
    concurrent-ruby (1.1.8)
    crass (1.0.6)
    ffi (1.15.0)
    gemoji (3.0.0)
    github-markdown (0.6.9)
    github-markdown-preview (5.0.0)
      commonmarker (= 0.17.9)
      gemoji (= 3.0.0)
      github-markdown (= 0.6.9)
      html-pipeline (= 2.7.1)
      listen (= 3.1.5)
      sanitize (= 4.6.4)
    html-pipeline (2.7.1)
      activesupport (>= 2)
      nokogiri (>= 1.4)
    i18n (1.8.10)
      concurrent-ruby (~> 1.0)
    listen (3.1.5)
      rb-fsevent (~> 0.9, >= 0.9.4)
      rb-inotify (~> 0.9, >= 0.9.7)
      ruby_dep (~> 1.2)
    mini_portile2 (2.5.1)
    minitest (5.14.4)
    nokogiri (1.11.4)
      mini_portile2 (~> 2.5.0)
      racc (~> 1.4)
    nokogumbo (1.5.0)
      nokogiri
    racc (1.5.2)
    rb-fsevent (0.11.0)
    rb-inotify (0.10.1)
      ffi (~> 1.0)
    ruby-enum (0.9.0)
      i18n
    ruby_dep (1.5.0)
    sanitize (4.6.4)
      crass (~> 1.0.2)
      nokogiri (>= 1.4.4)
      nokogumbo (~> 1.4)
    tzinfo (2.0.4)
      concurrent-ruby (~> 1.0)
    zeitwerk (2.4.2)

PLATFORMS
  ruby

DEPENDENCIES
  github-markdown-preview (>= 5.0.0)

BUNDLED WITH
   1.17.3
